GEM
  remote: http://rubygems.org/
  specs:
    addressable (2.2.7)
    coderay (1.0.5)
    faraday (0.7.6)
      addressable (~> 2.2)
      multipart-post (~> 1.1)
      rack (~> 1.1)
    faraday_middleware (0.8.7)
      faraday (>= 0.7.4, < 0.9)
    geoloqi (0.9.39)
      faraday (>= 0.6.1)
      json
    hashie (1.2.0)
    json (1.6.6)
    method_source (0.7.1)
    multi_json (1.0.4)
    multipart-post (1.1.5)
    pry (0.9.9.3)
      coderay (~> 1.0.5)
      method_source (~> 0.7.1)
      slop (>= 2.4.4, < 3)
    pry-nav (0.2.1)
      pry (~> 0.9.9)
    puma (1.2.2)
      rack (~> 1.2)
    rack (1.4.1)
    rack-protection (1.2.0)
      rack
    rake (0.9.2.2)
    shotgun (0.9)
      rack (>= 1.0)
    sinatra (1.3.2)
      rack (~> 1.3, >= 1.3.6)
      rack-protection (~> 1.2)
      tilt (~> 1.3, >= 1.3.3)
    slop (2.4.4)
    sqoot (0.0.1)
      faraday (~> 0.7.5)
      faraday_middleware (~> 0.8.4)
      hashie (~> 1.2.0)
      multi_json (~> 1.0.4)
    tilt (1.3.3)

PLATFORMS
  ruby

DEPENDENCIES
  geoloqi
  json
  pry
  pry-nav
  puma (> 1)
  rake
  shotgun
  sinatra
  sqoot
